GEM
  remote: https://rubygems.org/
  specs:
    minitest (5.25.4)

PLATFORMS
  ruby
  x86_64-darwin-21

DEPENDENCIES
  minitest

BUNDLED WITH
   2.6.3
